GIT
  remote: https://github.com/ncbo/goo.git
  revision: 6fcab82f5abbaf08a4a0104d00ada0b40a322a31
  branch: master
  specs:
    goo (0.0.2)
      addressable (~> 2.8)
      pry
      rdf (= 1.0.8)
      redis
      rest-client
      rsolr
      sparql-client
      uuid

GIT
  remote: https://github.com/ncbo/ncbo_annotator.git
  revision: 71d41e3afb35dafe29abfb6d9becaadc725bad36
  branch: master
  specs:
    ncbo_annotator (0.0.1)
      goo
      ontologies_linked_data
      redis
      ruby-xxHash

GIT
  remote: https://github.com/ncbo/ontologies_linked_data.git
  revision: 4f9139d870c3b1771af1127afa17b679bd0f60dc
  branch: master
  specs:
    ontologies_linked_data (0.0.1)
      activesupport
      bcrypt
      goo
      json
      libxml-ruby
      multi_json
      oj
      omni_logger
      pony
      rack
      rack-test
      rsolr
      rubyzip

GIT
  remote: https://github.com/ncbo/sparql-client.git
  revision: fb4a89b420f8eb6dda5190a126b6c62e32c4c0c9
  branch: master
  specs:
    sparql-client (1.0.1)
      json_pure (>= 1.4)
      net-http-persistent (= 2.9.4)
      rdf (>= 1.0)

PATH
  remote: .
  specs:
    ncbo_cron (0.0.1)
      dante
      goo
      google-apis-analytics_v3
      mlanett-redis-lock
      multi_json
      ncbo_annotator
      ontologies_linked_data
      redis
      rufus-scheduler (~> 2.0.24)

GEM
  remote: https://rubygems.org/
  specs:
    activesupport (3.2.22.5)
      i18n (~> 0.6, >= 0.6.4)
      multi_json (~> 1.0)
    addressable (2.8.1)
      public_suffix (>= 2.0.2, < 6.0)
    bcrypt (3.1.18)
    builder (3.2.4)
    coderay (1.1.3)
    concurrent-ruby (1.1.10)
    connection_pool (2.3.0)
    cube-ruby (0.0.3)
    dante (0.2.0)
    declarative (0.0.20)
    docile (1.4.0)
    domain_name (0.5.20190701)
      unf (>= 0.0.5, < 1.0.0)
    email_spec (2.1.1)
      htmlentities (~> 4.3.3)
      launchy (~> 2.1)
      mail (~> 2.6)
    faraday (1.10.2)
      faraday-em_http (~> 1.0)
      faraday-em_synchrony (~> 1.0)
      faraday-excon (~> 1.1)
      faraday-httpclient (~> 1.0)
      faraday-multipart (~> 1.0)
      faraday-net_http (~> 1.0)
      faraday-net_http_persistent (~> 1.0)
      faraday-patron (~> 1.0)
      faraday-rack (~> 1.0)
      faraday-retry (~> 1.0)
      ruby2_keywords (>= 0.0.4)
    faraday-em_http (1.0.0)
    faraday-em_synchrony (1.0.0)
    faraday-excon (1.1.0)
    faraday-httpclient (1.0.1)
    faraday-multipart (1.0.4)
      multipart-post (~> 2)
    faraday-net_http (1.0.1)
    faraday-net_http_persistent (1.2.0)
    faraday-patron (1.0.0)
    faraday-rack (1.0.0)
    faraday-retry (1.0.3)
    ffi (1.15.5)
    google-apis-analytics_v3 (0.12.0)
      google-apis-core (>= 0.9.1, < 2.a)
    google-apis-core (0.9.2)
      addressable (~> 2.5, >= 2.5.1)
      googleauth (>= 0.16.2, < 2.a)
      httpclient (>= 2.8.1, < 3.a)
      mini_mime (~> 1.0)
      representable (~> 3.0)
      retriable (>= 2.0, < 4.a)
      rexml
      webrick
    googleauth (1.3.0)
      faraday (>= 0.17.3, < 3.a)
      jwt (>= 1.4, < 3.0)
      memoist (~> 0.16)
      multi_json (~> 1.11)
      os (>= 0.9, < 2.0)
      signet (>= 0.16, < 2.a)
    htmlentities (4.3.4)
    http-accept (1.7.0)
    http-cookie (1.0.5)
      domain_name (~> 0.5)
    httpclient (2.8.3)
    i18n (0.9.5)
      concurrent-ruby (~> 1.0)
    json (2.6.3)
    json_pure (2.6.3)
    jwt (2.5.0)
    launchy (2.5.0)
      addressable (~> 2.7)
    libxml-ruby (3.2.4)
    logger (1.5.3)
    macaddr (1.7.2)
      systemu (~> 2.6.5)
    mail (2.6.6)
      mime-types (>= 1.16, < 4)
    memoist (0.16.2)
    method_source (1.0.0)
    mime-types (3.4.1)
      mime-types-data (~> 3.2015)
    mime-types-data (3.2022.0105)
    mini_mime (1.1.2)
    minitest (4.7.5)
    mlanett-redis-lock (0.2.7)
      redis
    multi_json (1.15.0)
    multipart-post (2.2.3)
    net-http-persistent (2.9.4)
    netrc (0.11.0)
    oj (2.18.5)
    omni_logger (0.1.4)
      logger
    os (1.1.4)
    parseconfig (1.1.2)
    pony (1.13.1)
      mail (>= 2.0)
    pry (0.14.1)
      coderay (~> 1.1)
      method_source (~> 1.0)
    public_suffix (5.0.1)
    rack (3.0.4.1)
    rack-test (2.0.2)
      rack (>= 1.3)
    rake (13.0.6)
    rdf (1.0.8)
      addressable (>= 2.2)
    redis (5.0.5)
      redis-client (>= 0.9.0)
    redis-client (0.11.2)
      connection_pool
    representable (3.2.0)
      declarative (< 0.1.0)
      trailblazer-option (>= 0.1.1, < 0.2.0)
      uber (< 0.2.0)
    rest-client (2.1.0)
      http-accept (>= 1.7.0, < 2.0)
      http-cookie (>= 1.0.2, < 2.0)
      mime-types (>= 1.16, < 4.0)
      netrc (~> 0.8)
    retriable (3.1.2)
    rexml (3.2.5)
    rsolr (2.5.0)
      builder (>= 2.1.2)
      faraday (>= 0.9, < 3, != 2.0.0)
    ruby-xxHash (0.4.0.2)
    ruby2_keywords (0.0.5)
    rubyzip (2.3.2)
    rufus-scheduler (2.0.24)
      tzinfo (>= 0.3.22)
    signet (0.17.0)
      addressable (~> 2.8)
      faraday (>= 0.17.5, < 3.a)
      jwt (>= 1.5, < 3.0)
      multi_json (~> 1.10)
    simplecov (0.21.2)
      docile (~> 1.1)
      simplecov-html (~> 0.11)
      simplecov_json_formatter (~> 0.1)
    simplecov-cobertura (2.1.0)
      rexml
      simplecov (~> 0.19)
    simplecov-html (0.12.3)
    simplecov_json_formatter (0.1.4)
    sys-proctable (1.2.7)
      ffi (~> 1.1)
    systemu (2.6.5)
    test-unit-minitest (0.9.1)
      minitest (~> 4.7)
    trailblazer-option (0.1.2)
    tzinfo (2.0.5)
      concurrent-ruby (~> 1.0)
    uber (0.1.0)
    unf (0.1.4)
      unf_ext
    unf_ext (0.0.8.2)
    uuid (2.3.9)
      macaddr (~> 1.0)
    webrick (1.7.0)

PLATFORMS
  ruby
  x86_64-darwin-18
  x86_64-darwin-21

DEPENDENCIES
  cube-ruby
  email_spec
  faraday (~> 1.9)
  ffi
  goo!
  google-apis-analytics_v3
  mail (= 2.6.6)
  minitest (< 5.0)
  multi_json
  ncbo_annotator!
  ncbo_cron!
  oj (~> 2.0)
  ontologies_linked_data!
  parseconfig
  pony
  pry
  rake
  redis
  rest-client
  simplecov
  simplecov-cobertura
  sparql-client!
  sys-proctable
  test-unit-minitest

BUNDLED WITH
   2.3.26
